GIT
  remote: git://github.com/rubycas/rubycas-client.git
  revision: 195a4b70333029be474b0ac70efdc85bd4288861
  specs:
    rubycas-client (2.3.10.rc1)
      activesupport

GIT
  remote: https://github.com/activerecord-hackery/ransack.git
  revision: c09aa177953deb27e28179f55844ced0489613b4
  specs:
    ransack (1.6.6)
      actionpack (>= 3.0)
      activerecord (>= 3.0)
      activesupport (>= 3.0)
      i18n
      polyamorous (~> 1.2)

GIT
  remote: https://github.com/airblade/paper_trail.git
  revision: 8a0eab193d5631d92ab1a616d86d3fbc7dd6ca9e
  specs:
    paper_trail (4.0.0.beta3)
      activerecord (>= 3.0, < 6.0)
      activesupport (>= 3.0, < 6.0)
      request_store (~> 1.1.0)

GIT
  remote: https://github.com/amatsuda/kaminari.git
  revision: 0c354253a352150d3f2b7f7527066a8a9f64ff6d
  specs:
    kaminari (1.0.0.alpha)
      actionpack (>= 3.0.0)
      activesupport (>= 3.0.0)

GIT
  remote: https://github.com/elabs/pundit.git
  revision: ce62bc5cd160efa9b59555376eeddc32acc02191
  specs:
    pundit (0.3.0)
      activesupport (>= 3.0.0)

GIT
  remote: https://github.com/ndbroadbent/ransack_chronic.git
  revision: d0f65fa16fc66e9f359f5d5bda59cc11567f4352
  specs:
    ransack_chronic (1.1.0)
      chronic (>= 0.6.7)

GIT
  remote: https://github.com/newrelic/rpm.git
  revision: 8c3a469ebd4a678f77912da9f224066aaf25ade4
  specs:
    newrelic_rpm (3.11.2)

GIT
  remote: https://github.com/philnash/bitly.git
  revision: cfdc63e1e76fbb6033f5731ec9c44d369c6d10ac
  specs:
    bitly (0.10.3)
      httparty (>= 0.7.6)
      multi_json (~> 1.3)
      oauth2 (>= 0.5.0, < 2.0)

GIT
  remote: https://github.com/rails-sqlserver/tiny_tds.git
  revision: 757e6d40b8e5ac7da56af5e32074723db305d9f4
  specs:
    tiny_tds (0.6.3.rc1)

GIT
  remote: https://github.com/roo-rb/roo-xls.git
  revision: f12153239bf789b520def2bb315d9a2d6b5d1008
  specs:
    roo-xls (0.0.1)
      nokogiri
      roo (>= 2.0.0)
      spreadsheet (> 0.9.0)

GIT
  remote: https://github.com/roo-rb/roo.git
  revision: 707ed1524dd4506e553c6528a674add910598395
  specs:
    roo (2.0.0)
      nokogiri
      rubyzip (>= 1.0.0)

GIT
  remote: https://github.com/sck-v/google_timezone.git
  revision: 9c1abd3a399783c6c9478d300e72524aff2337df
  specs:
    google_timezone (0.0.4)

GIT
  remote: https://github.com/sdsykes/fastimage.git
  revision: eb2ee31cd266f152c437864925c7eda535fe778b
  specs:
    fastimage (1.6.6)
      addressable (~> 2.3, >= 2.3.5)

GIT
  remote: https://github.com/stefankroes/ancestry.git
  revision: 2d80781c4f8f95183e446198d0128314bff0ca88
  specs:
    ancestry (2.1.0)
      activerecord (>= 3.0.0)

GEM
  remote: https://rubygems.org/
  specs:
    CFPropertyList (2.2.8)
    abstract_type (0.0.7)
    actionmailer (4.2.0)
      actionpack (= 4.2.0)
      actionview (= 4.2.0)
      activejob (= 4.2.0)
      mail (~> 2.5, >= 2.5.4)
      rails-dom-testing (~> 1.0, >= 1.0.5)
    actionpack (4.2.0)
      actionview (= 4.2.0)
      activesupport (= 4.2.0)
      rack (~> 1.6.0)
      rack-test (~> 0.6.2)
      rails-dom-testing (~> 1.0, >= 1.0.5)
      rails-html-sanitizer (~> 1.0, >= 1.0.1)
    actionview (4.2.0)
      activesupport (= 4.2.0)
      builder (~> 3.1)
      erubis (~> 2.7.0)
      rails-dom-testing (~> 1.0, >= 1.0.5)
      rails-html-sanitizer (~> 1.0, >= 1.0.1)
    active_shipping (1.4.2)
      active_utils (~> 3.0.0)
      activesupport (>= 3.2, < 5.0.0)
      nokogiri (>= 1.6)
      quantified (~> 1.0.1)
    active_utils (3.0.0)
      activesupport (>= 3.2)
      i18n
    activejob (4.2.0)
      activesupport (= 4.2.0)
      globalid (>= 0.3.0)
    activemodel (4.2.0)
      activesupport (= 4.2.0)
      builder (~> 3.1)
    activerecord (4.2.0)
      activemodel (= 4.2.0)
      activesupport (= 4.2.0)
      arel (~> 6.0)
    activerecord-session_store (0.1.1)
      actionpack (>= 4.0.0, < 5)
      activerecord (>= 4.0.0, < 5)
      railties (>= 4.0.0, < 5)
    activerecord-sqlserver-adapter (4.2.3)
      activerecord (~> 4.2.0)
    activesupport (4.2.0)
      i18n (~> 0.7)
      json (~> 1.7, >= 1.7.7)
      minitest (~> 5.1)
      thread_safe (~> 0.3, >= 0.3.4)
      tzinfo (~> 1.1)
    acts_as_taggable_on (3.0.0.rc2)
      rails (>= 3, < 5)
    adamantium (0.2.0)
      ice_nine (~> 0.11.0)
      memoizable (~> 0.4.0)
    addressable (2.3.6)
    airbrussh (0.3.0)
      sshkit (>= 1.6.1, != 1.7.0)
    andand (1.3.3)
    annotate (2.6.10)
      activerecord (>= 3.2, <= 4.3)
      rake (~> 10.4)
    arel (6.0.0)
    arrayfields (4.9.2)
    ast (2.0.0)
    attribute_normalizer (1.2.0)
    auto_html (1.6.4)
      redcarpet (~> 3.1)
      rinku (~> 1.5.0)
    awesome_print (1.6.1)
    bcrypt (3.1.10)
    better_errors (2.1.1)
      coderay (>= 1.0.0)
      erubis (>= 2.6.6)
      rack (>= 0.9.0)
    binding_of_caller (0.7.2)
      debug_inspector (>= 0.0.1)
    browser-timezone-rails (0.0.8)
      jquery-rails
      rails (>= 3.1)
    builder (3.2.2)
    bullet (4.14.7)
      activesupport (>= 3.0.0)
      uniform_notifier (~> 1.9.0)
    cane (2.6.2)
      parallel
    capistrano (3.3.5)
      capistrano-stats (~> 1.1.0)
      i18n
      rake (>= 10.0.0)
      sshkit (~> 1.3)
    capistrano-bundler (1.1.3)
      capistrano (~> 3.1)
      sshkit (~> 1.2)
    capistrano-faster-assets (1.0.2)
      capistrano (>= 3.1)
    capistrano-rails (1.1.2)
      capistrano (~> 3.1)
      capistrano-bundler (~> 1.1)
    capistrano-rails-console (0.5.2)
      capistrano (>= 3.0.0, < 4.0.0)
    capistrano-rvm (0.1.2)
      capistrano (~> 3.0)
      sshkit (~> 1.2)
    capistrano-stats (1.1.1)
    capybara (2.4.4)
      mime-types (>= 1.16)
      nokogiri (>= 1.3.3)
      rack (>= 1.0.0)
      rack-test (>= 0.5.4)
      xpath (~> 2.0)
    capybara-webkit (1.3.1)
      capybara (>= 2.0.2, < 2.5.0)
      json
    celluloid (0.16.0)
      timers (~> 4.0.0)
    chartkick (1.3.2)
    chronic (0.10.2)
    churn (0.0.35)
      chronic (>= 0.2.3)
      hirb
      json_pure
      main
      rest-client (>= 1.6.0)
      ruby_parser (~> 3.0)
      sexp_processor (~> 4.1)
    code_analyzer (0.4.5)
      sexp_processor
    code_metrics (0.1.3)
    codeclimate-test-reporter (0.4.5)
      simplecov (>= 0.7.1, < 1.0.0)
    coderay (1.1.0)
    coffee-script (2.3.0)
      coffee-script-source
      execjs
    coffee-script-source (1.9.0)
    colored (1.2)
    colorize (0.7.5)
    concord (0.1.5)
      adamantium (~> 0.2.0)
      equalizer (~> 0.0.9)
    connection_pool (2.1.1)
    cookiejar (0.3.2)
    coolline (0.5.0)
      unicode_utils (~> 1.4)
    crack (0.4.2)
      safe_yaml (~> 1.0.0)
    daemons (1.1.9)
    database_rewinder (0.4.2)
    debug_inspector (0.0.2)
    diff-lcs (1.2.5)
    docile (1.1.5)
    docusign_rest (0.1.1)
      json
      multipart-post (>= 1.2)
    dragonfly (1.0.7)
      addressable (~> 2.3)
      multi_json (~> 1.0)
      rack
    em-http-request (1.1.2)
      addressable (>= 2.3.4)
      cookiejar
      em-socksify (>= 0.3)
      eventmachine (>= 1.0.3)
      http_parser.rb (>= 0.6.0)
    em-socksify (0.3.0)
      eventmachine (>= 1.0.0.beta.4)
    em-synchrony (1.0.4)
      eventmachine (>= 1.0.0.beta.1)
    emoji (1.0.1)
      json
    equalizer (0.0.9)
    erubis (2.7.0)
    eventmachine (1.0.4)
    exception_notification (4.1.1)
      actionmailer (>= 3.0.4)
      activesupport (>= 3.0.4)
    execjs (2.2.2)
    facter (2.4.1)
      CFPropertyList (~> 2.2.6)
    factory_girl (4.5.0)
      activesupport (>= 3.0.0)
    factory_girl_rails (4.5.0)
      factory_girl (~> 4.5.0)
      railties (>= 3.0.0)
    faker (1.4.3)
      i18n (~> 0.5)
    faraday (0.9.1)
      multipart-post (>= 1.2, < 3)
    fast_stack (0.1.0)
      rake
      rake-compiler
    fattr (2.2.2)
    faye (1.1.0)
      cookiejar (>= 0.3.0)
      em-http-request (>= 0.3.0)
      eventmachine (>= 0.12.0)
      faye-websocket (>= 0.9.1)
      multi_json (>= 1.0.0)
      rack (>= 1.0.0)
      websocket-driver (>= 0.5.1)
    faye-websocket (0.9.2)
      eventmachine (>= 0.12.0)
      websocket-driver (>= 0.5.1)
    ffi (1.9.6)
    flamegraph (0.1.0)
      fast_stack
    flay (2.6.0)
      ruby_parser (~> 3.0)
      sexp_processor (~> 4.0)
    flog (4.3.1)
      ruby_parser (~> 3.1, > 3.1.0)
      sexp_processor (~> 4.4)
    formatador (0.2.5)
    foundation-icons-sass-rails (3.0.0)
      railties (>= 3.1.1)
      sass-rails (>= 3.1.1)
    gene_pool (1.4.1)
      thread_safe
    geocoder (1.2.6)
    globalid (0.3.0)
      activesupport (>= 4.1.0)
    gmaps4rails (2.1.2)
    goldiloader (0.0.8)
      activerecord (>= 3.2, < 4.3)
      activesupport (>= 3.2, < 4.3)
    googlecharts (1.6.10)
    griddler (1.1.0)
      htmlentities
      rails (>= 3.2.0)
    griddler-postmark (1.0.0)
      griddler
    groupdate (2.4.0)
      activesupport (>= 3)
    guard (2.11.1)
      formatador (>= 0.2.4)
      listen (~> 2.7)
      lumberjack (~> 1.0)
      nenv (~> 0.1)
      notiffany (~> 0.0)
      pry (>= 0.9.12)
      shellany (~> 0.0)
      thor (>= 0.18.1)
    guard-compat (1.2.1)
    guard-rspec (4.5.0)
      guard (~> 2.1)
      guard-compat (~> 1.1)
      rspec (>= 2.99.0, < 4.0)
    haml (4.0.6)
      tilt
    haml-rails (0.7.0)
      actionpack (>= 4.0.1)
      activesupport (>= 4.0.1)
      haml (>= 3.1, < 5.0)
      html2haml (>= 1.0.1)
      railties (>= 4.0.1)
    highline (1.6.21)
    hike (1.2.3)
    hirb (0.7.2)
    hiredis (0.5.2)
    hitimes (1.2.2)
    html2haml (2.0.0)
      erubis (~> 2.7.0)
      haml (~> 4.0.0)
      nokogiri (~> 1.6.0)
      ruby_parser (~> 3.5)
    htmlentities (4.3.3)
    http_parser.rb (0.6.0)
    httparty (0.13.3)
      json (~> 1.8)
      multi_xml (>= 0.5.2)
    i18n (0.7.0)
    ice_nine (0.11.1)
    jbuilder (2.2.6)
      activesupport (>= 3.0.0, < 5)
      multi_json (~> 1.2)
    jquery-rails (4.0.3)
      rails-dom-testing (~> 1.0)
      railties (>= 4.2.0)
      thor (>= 0.14, < 2.0)
    jquery-ui-rails (5.0.5)
      railties (>= 3.2.16)
    json (1.8.2)
    json_pure (1.8.2)
    jwt (1.0.0)
    kartograph (0.2.2)
    kiba (0.6.1)
    launchy (2.4.3)
      addressable (~> 2.3)
    letter_opener (1.3.0)
      launchy (~> 2.2)
    listen (2.8.5)
      celluloid (>= 0.15.2)
      rb-fsevent (>= 0.9.3)
      rb-inotify (>= 0.9)
    lol_dba (2.0.0)
      actionpack (>= 3.0, < 5.0)
      activerecord (>= 3.0, < 5.0)
      railties (>= 3.0, < 5.0)
    loofah (2.0.1)
      nokogiri (>= 1.5.9)
    lumberjack (1.0.9)
    mail (2.6.3)
      mime-types (>= 1.16, < 3)
    main (6.1.0)
      arrayfields (>= 4.7.4)
      chronic (>= 0.6.2)
      fattr (>= 2.2.0)
      map (>= 5.1.0)
    map (6.5.5)
    memoizable (0.4.2)
      thread_safe (~> 0.3, >= 0.3.1)
    method_source (0.8.2)
    metric_fu (4.11.1)
      cane (~> 2.5, >= 2.5.2)
      churn (~> 0.0.35)
      code_metrics (~> 0.1)
      coderay
      flay (~> 2.1, >= 2.0.1)
      flog (~> 4.1, >= 4.1.1)
      launchy (~> 2.0)
      metric_fu-Saikuro (~> 1.1, >= 1.1.3)
      multi_json
      rails_best_practices (~> 1.14, >= 1.14.3)
      redcard
      reek (~> 1.3, >= 1.3.4)
      roodi (~> 3.1)
    metric_fu-Saikuro (1.1.3)
    mime-types (2.4.3)
    mini_portile (0.6.2)
    minitest (5.5.1)
    multi_json (1.10.1)
    multi_xml (0.5.5)
    multipart-post (2.0.0)
    namecase (1.1.0)
    nenv (0.2.0)
    net-scp (1.2.1)
      net-ssh (>= 2.6.5)
    net-ssh (2.9.2)
    netrc (0.10.2)
    nilify_blanks (1.2.0)
      activerecord (>= 3.0.0)
      activesupport (>= 3.0.0)
    nokogiri (1.6.6.2)
      mini_portile (~> 0.6.0)
    notiffany (0.0.3)
      nenv (~> 0.1)
      shellany (~> 0.0)
    oauth2 (1.0.0)
      faraday (>= 0.8, < 0.10)
      jwt (~> 1.0)
      multi_json (~> 1.3)
      multi_xml (~> 0.5)
      rack (~> 1.2)
    options (2.3.2)
    parallel (1.3.3)
    parallel_tests (1.3.5)
      parallel
    parser (2.2.0.2)
      ast (>= 1.1, < 3.0)
    persistent_http (1.0.6)
      gene_pool (>= 1.3)
    persistent_httparty (0.1.2)
      httparty (~> 0.9)
      persistent_http (< 2)
    pg (0.18.1)
    polyamorous (1.2.0)
      activerecord (>= 3.0)
    postmark (1.5.0)
      json
      rake
    postmark-rails (0.10.0)
      actionmailer (>= 3.0.0)
      postmark (~> 1.5.0)
    pr_geohash (1.0.0)
    procto (0.0.2)
    progress_bar (1.0.3)
      highline (~> 1.6.1)
      options (~> 2.3.0)
    pry (0.10.1)
      coderay (~> 1.1.0)
      method_source (~> 0.8.1)
      slop (~> 3.4)
    quantified (1.0.1)
    rack (1.6.0)
    rack-cache (1.2)
      rack (>= 0.4)
    rack-mini-profiler (0.9.7)
      rack (>= 1.1.3)
    rack-protection (1.5.3)
      rack
    rack-test (0.6.3)
      rack (>= 1.0)
    rack_session_access (0.1.1)
      builder (>= 2.0.0)
      rack (>= 1.0.0)
    rails (4.2.0)
      actionmailer (= 4.2.0)
      actionpack (= 4.2.0)
      actionview (= 4.2.0)
      activejob (= 4.2.0)
      activemodel (= 4.2.0)
      activerecord (= 4.2.0)
      activesupport (= 4.2.0)
      bundler (>= 1.3.0, < 2.0)
      railties (= 4.2.0)
      sprockets-rails
    rails-deprecated_sanitizer (1.0.3)
      activesupport (>= 4.2.0.alpha)
    rails-dom-testing (1.0.5)
      activesupport (>= 4.2.0.beta, < 5.0)
      nokogiri (~> 1.6.0)
      rails-deprecated_sanitizer (>= 1.0.1)
    rails-html-sanitizer (1.0.1)
      loofah (~> 2.0)
    rails_best_practices (1.15.4)
      activesupport
      awesome_print
      code_analyzer (>= 0.4.3)
      colored
      erubis
      i18n
      json
      require_all
      ruby-progressbar
    railties (4.2.0)
      actionpack (= 4.2.0)
      activesupport (= 4.2.0)
      rake (>= 0.8.7)
      thor (>= 0.18.1, < 2.0)
    rainbow (2.0.0)
    rake (10.4.2)
    rake-compiler (0.9.5)
      rake
    rb-fsevent (0.9.4)
    rb-inotify (0.9.5)
      ffi (>= 0.5.0)
    rdoc (4.2.0)
      json (~> 1.4)
    redcard (1.1.0)
    redcarpet (3.2.2)
    redis (3.2.0)
    redis-namespace (1.5.1)
      redis (~> 3.0, >= 3.0.4)
    redis-objects (1.1.0)
      redis (>= 3.0.2)
    reek (1.6.4)
      parser (~> 2.2.0.pre.7)
      rainbow (>= 1.99, < 3.0)
      unparser (~> 0.2.2)
    regressor (0.5.7)
      faker (~> 1.3)
      rails (~> 4.0)
      shoulda-matchers (~> 2.7.0, >= 2.7.0)
    render_csv (2.0.0)
      rails (>= 3.0)
    request_store (1.1.0)
    require_all (1.3.2)
    responders (2.0.2)
      railties (>= 4.2.0.alpha, < 5)
    rest-client (1.7.2)
      mime-types (>= 1.16, < 3.0)
      netrc (~> 0.7)
    retryable (2.0.1)
    rinku (1.5.1)
    roodi (3.3.1)
      ruby_parser (~> 3.2, >= 3.2.2)
    rsolr (1.0.12)
      builder (>= 2.1.2)
    rspec (3.1.0)
      rspec-core (~> 3.1.0)
      rspec-expectations (~> 3.1.0)
      rspec-mocks (~> 3.1.0)
    rspec-core (3.1.7)
      rspec-support (~> 3.1.0)
    rspec-expectations (3.1.2)
      diff-lcs (>= 1.2.0, < 2.0)
      rspec-support (~> 3.1.0)
    rspec-mocks (3.1.3)
      rspec-support (~> 3.1.0)
    rspec-rails (3.1.0)
      actionpack (>= 3.0)
      activesupport (>= 3.0)
      railties (>= 3.0)
      rspec-core (~> 3.1.0)
      rspec-expectations (~> 3.1.0)
      rspec-mocks (~> 3.1.0)
      rspec-support (~> 3.1.0)
    rspec-support (3.1.2)
    ruby-ole (1.2.11.8)
    ruby-progressbar (1.7.1)
    ruby_parser (3.6.4)
      sexp_processor (~> 4.1)
    rubyzip (1.1.7)
    safe_yaml (1.0.4)
    sass (3.4.10)
    sass-rails (5.0.1)
      railties (>= 4.0.0, < 5.0)
      sass (~> 3.1)
      sprockets (>= 2.8, < 4.0)
      sprockets-rails (>= 2.0, < 4.0)
      tilt (~> 1.1)
    sdoc (0.4.1)
      json (~> 1.7, >= 1.7.7)
      rdoc (~> 4.0)
    seed_dump (3.2.2)
      activerecord (~> 4)
      activesupport (~> 4)
    sexp_processor (4.4.5)
    shellany (0.0.1)
    shoulda-matchers (2.7.0)
      activesupport (>= 3.0.0)
    sidekiq (3.3.2)
      celluloid (>= 0.16.0)
      connection_pool (>= 2.1.1)
      json
      redis (>= 3.0.6)
      redis-namespace (>= 1.3.1)
    simplecov (0.9.1)
      docile (~> 1.1.0)
      multi_json (~> 1.0)
      simplecov-html (~> 0.8.0)
    simplecov-html (0.8.0)
    sinatra (1.4.5)
      rack (~> 1.4)
      rack-protection (~> 1.4)
      tilt (~> 1.3, >= 1.3.4)
    slack-notifier (1.2.1)
    slop (3.6.0)
    spreadsheet (1.0.1)
      ruby-ole (>= 1.0)
    spring (1.2.0)
    spring-commands-rspec (1.0.4)
      spring (>= 0.9.1)
    sprockets (2.12.3)
      hike (~> 1.2)
      multi_json (~> 1.0)
      rack (~> 1.0)
      tilt (~> 1.1, != 1.3.0)
    sprockets-rails (2.2.4)
      actionpack (>= 3.0)
      activesupport (>= 3.0)
      sprockets (>= 2.8, < 4.0)
    sshkit (1.6.1)
      colorize (>= 0.7.0)
      net-scp (>= 1.1.2)
      net-ssh (>= 2.8.0)
    sunspot (2.2.0)
      pr_geohash (~> 1.0)
      rsolr (~> 1.0.7)
    sunspot_rails (2.2.0)
      nokogiri
      rails (>= 3)
      sunspot (= 2.2.0)
    sunspot_solr (2.2.0)
    swiper-rails (1.0.2)
      rails (>= 3.1)
    thin (1.6.3)
      daemons (~> 1.0, >= 1.0.9)
      eventmachine (~> 1.0)
      rack (~> 1.0)
    thor (0.19.1)
    thread_safe (0.3.4)
    tilt (1.4.1)
    timecop (0.7.3)
    timers (4.0.1)
      hitimes
    traceroute (0.4.0)
      rails (>= 3.0.0)
    twilio-ruby (4.2.1)
      builder (>= 2.1.2)
      jwt (~> 1.0)
      multi_json (>= 1.3.0)
    tzinfo (1.2.2)
      thread_safe (~> 0.1)
    uglifier (2.7.0)
      execjs (>= 0.3.0)
      json (>= 1.8.0)
    unicode_utils (1.4.0)
    uniform_notifier (1.9.0)
    unparser (0.2.2)
      abstract_type (~> 0.0.7)
      adamantium (~> 0.2.0)
      concord (~> 0.1.5)
      diff-lcs (~> 1.2.5)
      equalizer (~> 0.0.9)
      parser (~> 2.2.0.2)
      procto (~> 0.0.2)
    vcr (2.9.3)
    web-console (2.0.0)
      activemodel (~> 4.0)
      binding_of_caller (>= 0.7.2)
      railties (~> 4.0)
      sprockets-rails (>= 2.0, < 4.0)
    webmock (1.20.4)
      addressable (>= 2.3.6)
      crack (>= 0.3.2)
    websocket-driver (0.5.1)
      websocket-extensions (>= 0.1.0)
    websocket-extensions (0.1.1)
    websocket-rails (0.7.0)
      em-synchrony
      faye-websocket
      hiredis
      rack
      rails
      redis
      redis-objects
      thin
    whenever (0.9.4)
      chronic (>= 0.6.3)
    xpath (2.0.0)
      nokogiri (~> 1.3)

PLATFORMS
  ruby

DEPENDENCIES
  active_shipping (= 1.4.2)
  activerecord-session_store (= 0.1.1)
  activerecord-sqlserver-adapter (~> 4.2.0)
  acts_as_taggable_on (= 3.0.0.rc2)
  airbrussh (= 0.3.0)
  ancestry!
  andand (= 1.3.3)
  annotate (= 2.6.10)
  attribute_normalizer (= 1.2.0)
  auto_html (= 1.6.4)
  awesome_print (= 1.6.1)
  bcrypt (= 3.1.10)
  better_errors (= 2.1.1)
  binding_of_caller (= 0.7.2)
  bitly!
  browser-timezone-rails (= 0.0.8)
  bullet
  capistrano (= 3.3.5)
  capistrano-bundler (= 1.1.3)
  capistrano-faster-assets (= 1.0.2)
  capistrano-rails (= 1.1.2)
  capistrano-rails-console (= 0.5.2)
  capistrano-rvm (= 0.1.2)
  capybara (= 2.4.4)
  capybara-webkit (= 1.3.1)
  chartkick (= 1.3.2)
  chronic (= 0.10.2)
  codeclimate-test-reporter (= 0.4.5)
  coderay (= 1.1.0)
  coffee-script (= 2.3.0)
  coolline (= 0.5.0)
  database_rewinder (= 0.4.2)
  docusign_rest (= 0.1.1)
  dragonfly (= 1.0.7)
  emoji (= 1.0.1)
  exception_notification (= 4.1.1)
  facter (= 2.4.1)
  factory_girl_rails (= 4.5.0)
  faker (= 1.4.3)
  fastimage!
  faye (= 1.1.0)
  flamegraph
  foundation-icons-sass-rails (= 3.0.0)
  geocoder (= 1.2.6)
  gmaps4rails (= 2.1.2)
  goldiloader (= 0.0.8)
  google_timezone!
  googlecharts (= 1.6.10)
  griddler (= 1.1.0)
  griddler-postmark (= 1.0.0)
  groupdate (= 2.4.0)
  guard-rspec (= 4.5.0)
  haml-rails (= 0.7.0)
  hirb (= 0.7.2)
  httparty (= 0.13.3)
  jbuilder (= 2.2.6)
  jquery-rails (= 4.0.3)
  jquery-ui-rails (= 5.0.5)
  kaminari!
  kartograph (= 0.2.2)
  kiba (= 0.6.1)
  launchy (= 2.4.3)
  letter_opener (= 1.3.0)
  lol_dba (= 2.0.0)
  metric_fu (= 4.11.1)
  namecase (= 1.1.0)
  newrelic_rpm!
  nilify_blanks (= 1.2.0)
  paper_trail!
  parallel_tests (= 1.3.5)
  persistent_httparty (= 0.1.2)
  pg (= 0.18.1)
  postmark (= 1.5.0)
  postmark-rails (= 0.10.0)
  progress_bar (= 1.0.3)
  pry (= 0.10.1)
  pundit!
  rack-cache (= 1.2)
  rack-mini-profiler (= 0.9.7)
  rack_session_access (= 0.1.1)
  rails (= 4.2.0)
  rails_best_practices (= 1.15.4)
  ransack!
  ransack_chronic!
  regressor (= 0.5.7)
  render_csv (= 2.0.0)
  responders (= 2.0.2)
  retryable (= 2.0.1)
  roo!
  roo-xls!
  rspec-rails (= 3.1.0)
  rubycas-client!
  sass-rails (= 5.0.1)
  sdoc (= 0.4.1)
  seed_dump (= 3.2.2)
  shoulda-matchers (= 2.7.0)
  sidekiq (= 3.3.2)
  simplecov
  sinatra (= 1.4.5)
  slack-notifier (= 1.2.1)
  spreadsheet (= 1.0.1)
  spring (= 1.2.0)
  spring-commands-rspec (= 1.0.4)
  sunspot_rails (= 2.2.0)
  sunspot_solr (= 2.2.0)
  swiper-rails (= 1.0.2)
  timecop (= 0.7.3)
  tiny_tds!
  traceroute (= 0.4.0)
  twilio-ruby (= 4.2.1)
  uglifier (= 2.7.0)
  vcr (= 2.9.3)
  web-console (~> 2.0)
  webmock (= 1.20.4)
  websocket-rails (= 0.7.0)
  whenever (= 0.9.4)
