GIT
  remote: git://github.com/rubycas/rubycas-client.git
  revision: 195a4b70333029be474b0ac70efdc85bd4288861
  specs:
    rubycas-client (2.3.10.rc1)
      activesupport

GIT
  remote: https://github.com/amatsuda/kaminari.git
  revision: e7f1db0cdc75bc1911c32b1b458e6e4cdbd26356
  specs:
    kaminari (1.0.0.alpha)
      actionpack (>= 3.0.0)
      activesupport (>= 3.0.0)

GIT
  remote: https://github.com/colbygk/log4r.git
  revision: 4e041411c289963d997ee1ebd06fd9875eb40de5
  specs:
    log4r (1.1.11)

GIT
  remote: https://github.com/elabs/pundit.git
  revision: 9bb0f8380243a74bfebccf53e319a0c21fcaee85
  specs:
    pundit (1.0.1)
      activesupport (>= 3.0.0)

GIT
  remote: https://github.com/jondkinney/docusign_rest.git
  revision: b626f2dcfeb6c6516cf67cc6fd63b1dce16ebdf6
  specs:
    docusign_rest (0.1.1)
      json
      multipart-post (>= 1.2)

GIT
  remote: https://github.com/kbaum/browser-timezone-rails.git
  revision: c96ee10e41a447a6b8f4aaaea31c44ff5e43fa61
  specs:
    browser-timezone-rails (0.2.00)
      jquery-cookie-rails
      jquery-rails
      jstz-rails3-plus
      rails (>= 3.1)

GIT
  remote: https://github.com/ndea/regressor.git
  revision: f65e2c25ecda58a762a0d1e20218f0ced8dd1059
  specs:
    regressor (0.5.8)
      faker (~> 1.3)
      rails (~> 4.0)
      shoulda-matchers (~> 2.7.0, >= 2.7.0)

GIT
  remote: https://github.com/newrelic/rpm.git
  revision: cfc684a7fd3730b32f3f896688169c7fe8ea1972
  specs:
    newrelic_rpm (3.13.0)

GIT
  remote: https://github.com/philnash/bitly.git
  revision: cfdc63e1e76fbb6033f5731ec9c44d369c6d10ac
  specs:
    bitly (0.10.3)
      httparty (>= 0.7.6)
      multi_json (~> 1.3)
      oauth2 (>= 0.5.0, < 2.0)

GIT
  remote: https://github.com/rails-sqlserver/tiny_tds.git
  revision: 9395179c42a4c87390a0048c1881d55c1b85a8c5
  specs:
    tiny_tds (0.7.0)
      mini_portile (= 0.6.2)

GIT
  remote: https://github.com/roo-rb/roo-xls.git
  revision: 0a5ef88c8312c48b1a97cefa9e5f21e9a7f64209
  specs:
    roo-xls (1.0.0)
      nokogiri
      roo (>= 2.0.0beta1, < 3)
      spreadsheet (> 0.9.0)

GIT
  remote: https://github.com/roo-rb/roo.git
  revision: fa7feb79ff823e3a2238f1972f8b1c4a3a5e4e6e
  specs:
    roo (2.1.1)
      nokogiri (~> 1)
      rubyzip (~> 1.1, < 2.0.0)

GIT
  remote: https://github.com/sck-v/google_timezone.git
  revision: 9c1abd3a399783c6c9478d300e72524aff2337df
  specs:
    google_timezone (0.0.4)

GIT
  remote: https://github.com/sdsykes/fastimage.git
  revision: b7bc775f4fd811d19d8860e9141ea1baa664402a
  specs:
    fastimage (1.7.0)
      addressable (~> 2.3, >= 2.3.5)

GIT
  remote: https://github.com/stefankroes/ancestry.git
  revision: 2fa4381e0e21289d6800772d7f67d16efa65c4f8
  specs:
    ancestry (2.1.0)
      activerecord (>= 3.0.0)

GEM
  remote: https://rubygems.org/
  specs:
    CFPropertyList (2.2.8)
    abstract_type (0.0.7)
    actionmailer (4.2.3)
      actionpack (= 4.2.3)
      actionview (= 4.2.3)
      activejob (= 4.2.3)
      mail (~> 2.5, >= 2.5.4)
      rails-dom-testing (~> 1.0, >= 1.0.5)
    actionpack (4.2.3)
      actionview (= 4.2.3)
      activesupport (= 4.2.3)
      rack (~> 1.6)
      rack-test (~> 0.6.2)
      rails-dom-testing (~> 1.0, >= 1.0.5)
      rails-html-sanitizer (~> 1.0, >= 1.0.2)
    actionview (4.2.3)
      activesupport (= 4.2.3)
      builder (~> 3.1)
      erubis (~> 2.7.0)
      rails-dom-testing (~> 1.0, >= 1.0.5)
      rails-html-sanitizer (~> 1.0, >= 1.0.2)
    active_shipping (1.4.2)
      active_utils (~> 3.0.0)
      activesupport (>= 3.2, < 5.0.0)
      nokogiri (>= 1.6)
      quantified (~> 1.0.1)
    active_utils (3.0.0)
      activesupport (>= 3.2)
      i18n
    activejob (4.2.3)
      activesupport (= 4.2.3)
      globalid (>= 0.3.0)
    activemodel (4.2.3)
      activesupport (= 4.2.3)
      builder (~> 3.1)
    activerecord (4.2.3)
      activemodel (= 4.2.3)
      activesupport (= 4.2.3)
      arel (~> 6.0)
    activerecord-session_store (0.1.1)
      actionpack (>= 4.0.0, < 5)
      activerecord (>= 4.0.0, < 5)
      railties (>= 4.0.0, < 5)
    activerecord-sqlserver-adapter (4.2.4)
      activerecord (~> 4.2.1)
    activesupport (4.2.3)
      i18n (~> 0.7)
      json (~> 1.7, >= 1.7.7)
      minitest (~> 5.1)
      thread_safe (~> 0.3, >= 0.3.4)
      tzinfo (~> 1.1)
    acts_as_taggable_on (3.0.0.rc2)
      rails (>= 3, < 5)
    adamantium (0.2.0)
      ice_nine (~> 0.11.0)
      memoizable (~> 0.4.0)
    addressable (2.3.8)
    ahoy_matey (1.2.1)
      addressable
      browser (>= 0.4.0)
      errbase
      geocoder
      rails
      referer-parser (>= 0.3.0)
      request_store
      user_agent_parser
      uuidtools
    airbrussh (0.7.0)
      sshkit (>= 1.6.1, != 1.7.0)
    andand (1.3.3)
    annotate (2.6.10)
      activerecord (>= 3.2, <= 4.3)
      rake (~> 10.4)
    arel (6.0.3)
    arrayfields (4.9.2)
    ast (2.1.0)
    attribute_normalizer (1.2.0)
    auto_html (1.6.4)
      redcarpet (~> 3.1)
      rinku (~> 1.5.0)
    awesome_print (1.6.1)
    bcrypt (3.1.10)
    better_errors (2.1.1)
      coderay (>= 1.0.0)
      erubis (>= 2.6.6)
      rack (>= 0.9.0)
    binding_of_caller (0.7.2)
      debug_inspector (>= 0.0.1)
    browser (1.0.1)
    builder (3.2.2)
    bullet (4.14.7)
      activesupport (>= 3.0.0)
      uniform_notifier (~> 1.9.0)
    callsite (0.0.11)
    cane (2.6.2)
      parallel
    capistrano (3.4.0)
      i18n
      rake (>= 10.0.0)
      sshkit (~> 1.3)
    capistrano-bundler (1.1.4)
      capistrano (~> 3.1)
      sshkit (~> 1.2)
    capistrano-faster-assets (1.0.2)
      capistrano (>= 3.1)
    capistrano-rails (1.1.3)
      capistrano (~> 3.1)
      capistrano-bundler (~> 1.1)
    capistrano-rails-console (1.0.0)
      capistrano (>= 3.1.0, < 4.0.0)
    capistrano-rvm (0.1.2)
      capistrano (~> 3.0)
      sshkit (~> 1.2)
    capybara (2.4.4)
      mime-types (>= 1.16)
      nokogiri (>= 1.3.3)
      rack (>= 1.0.0)
      rack-test (>= 0.5.4)
      xpath (~> 2.0)
    capybara-webkit (1.6.0)
      capybara (>= 2.3.0, < 2.5.0)
      json
    celluloid (0.16.1)
      timers (~> 4.0.0)
    chartkick (1.3.2)
    chronic (0.10.2)
    churn (0.0.35)
      chronic (>= 0.2.3)
      hirb
      json_pure
      main
      rest-client (>= 1.6.0)
      ruby_parser (~> 3.0)
      sexp_processor (~> 4.1)
    code_analyzer (0.4.5)
      sexp_processor
    code_metrics (0.1.3)
    codeclimate-test-reporter (0.4.7)
      simplecov (>= 0.7.1, < 1.0.0)
    coderay (1.1.0)
    coffee-script (2.4.1)
      coffee-script-source
      execjs
    coffee-script-source (1.9.1.1)
    colored (1.2)
    colorize (0.7.7)
    concord (0.1.5)
      adamantium (~> 0.2.0)
      equalizer (~> 0.0.9)
    connection_pool (2.2.0)
    cookiejar (0.3.2)
    coolline (0.5.0)
      unicode_utils (~> 1.4)
    crack (0.4.2)
      safe_yaml (~> 1.0.0)
    daemons (1.2.3)
    dalli (2.7.4)
    database_rewinder (0.5.3)
    debug_inspector (0.0.2)
    diff-lcs (1.2.5)
    docile (1.1.5)
    domain_name (0.5.24)
      unf (>= 0.0.5, < 1.0.0)
    dragonfly (1.0.10)
      addressable (~> 2.3)
      multi_json (~> 1.0)
      rack (>= 1.3.0)
    em-http-request (1.1.2)
      addressable (>= 2.3.4)
      cookiejar
      em-socksify (>= 0.3)
      eventmachine (>= 1.0.3)
      http_parser.rb (>= 0.6.0)
    em-socksify (0.3.0)
      eventmachine (>= 1.0.0.beta.4)
    em-synchrony (1.0.4)
      eventmachine (>= 1.0.0.beta.1)
    emoji (1.0.5)
      json
    equalizer (0.0.11)
    errbase (0.0.3)
    erubis (2.7.0)
    eventmachine (1.0.8)
    exception_notification (4.1.1)
      actionmailer (>= 3.0.4)
      activesupport (>= 3.0.4)
    execjs (2.5.2)
    facter (2.4.4)
      CFPropertyList (~> 2.2.6)
    factory_girl (4.5.0)
      activesupport (>= 3.0.0)
    factory_girl_rails (4.5.0)
      factory_girl (~> 4.5.0)
      railties (>= 3.0.0)
    faker (1.4.3)
      i18n (~> 0.5)
    faraday (0.9.1)
      multipart-post (>= 1.2, < 3)
    faraday_middleware (0.10.0)
      faraday (>= 0.7.4, < 0.10)
    faraday_middleware-oauth2_refresh (0.0.2)
      faraday (~> 0.9, >= 0.9)
      faraday_middleware (~> 0, >= 0)
    fattr (2.2.2)
    faye (1.1.2)
      cookiejar (>= 0.3.0)
      em-http-request (>= 0.3.0)
      eventmachine (>= 0.12.0)
      faye-websocket (>= 0.9.1)
      multi_json (>= 1.0.0)
      rack (>= 1.0.0)
      websocket-driver (>= 0.5.1)
    faye-websocket (0.10.0)
      eventmachine (>= 0.12.0)
      websocket-driver (>= 0.5.1)
    ffi (1.9.10)
    flay (2.6.1)
      ruby_parser (~> 3.0)
      sexp_processor (~> 4.0)
    flog (4.3.2)
      ruby_parser (~> 3.1, > 3.1.0)
      sexp_processor (~> 4.4)
    formatador (0.2.5)
    foundation-icons-sass-rails (3.0.0)
      railties (>= 3.1.1)
      sass-rails (>= 3.1.1)
    gene_pool (1.4.1)
      thread_safe
    geocoder (1.2.9)
    git-version-bump (0.15.1)
    globalid (0.3.6)
      activesupport (>= 4.1.0)
    gmaps4rails (2.1.2)
    goldiloader (0.0.9)
      activerecord (>= 3.2, < 4.3)
      activesupport (>= 3.2, < 4.3)
    googlecharts (1.6.10)
    gpgme (2.0.9)
      mini_portile (>= 0.5.0)
    griddler (1.2.1)
      htmlentities
      rails (>= 3.2.0)
    griddler-postmark (1.0.0)
      griddler
    groupdate (2.4.0)
      activesupport (>= 3)
    guard (2.13.0)
      formatador (>= 0.2.4)
      listen (>= 2.7, <= 4.0)
      lumberjack (~> 1.0)
      nenv (~> 0.1)
      notiffany (~> 0.0)
      pry (>= 0.9.12)
      shellany (~> 0.0)
      thor (>= 0.18.1)
    guard-compat (1.2.1)
    guard-rspec (4.6.4)
      guard (~> 2.1)
      guard-compat (~> 1.1)
      rspec (>= 2.99.0, < 4.0)
    haml (4.0.7)
      tilt
    haml-rails (0.9.0)
      actionpack (>= 4.0.1)
      activesupport (>= 4.0.1)
      haml (>= 4.0.6, < 5.0)
      html2haml (>= 1.0.1)
      railties (>= 4.0.1)
    highline (1.6.21)
    hirb (0.7.3)
    hiredis (0.6.0)
    hitimes (1.2.2)
    html2haml (2.0.0)
      erubis (~> 2.7.0)
      haml (~> 4.0.0)
      nokogiri (~> 1.6.0)
      ruby_parser (~> 3.5)
    htmlentities (4.3.4)
    http-cookie (1.0.2)
      domain_name (~> 0.5)
    http_parser.rb (0.6.0)
    httparty (0.13.5)
      json (~> 1.8)
      multi_xml (>= 0.5.2)
    i18n (0.7.0)
    ice_nine (0.11.1)
    jbuilder (2.3.1)
      activesupport (>= 3.0.0, < 5)
      multi_json (~> 1.2)
    jquery-cookie-rails (1.3.1.1)
      railties (>= 3.2.0, < 5.0)
    jquery-rails (4.0.4)
      rails-dom-testing (~> 1.0)
      railties (>= 4.2.0)
      thor (>= 0.14, < 2.0)
    jquery-ui-rails (5.0.5)
      railties (>= 3.2.16)
    json (1.8.3)
    json_pure (1.8.2)
    jstz-rails3-plus (1.0.5)
      railties (>= 3.1)
    jwt (1.5.1)
    kartograph (0.2.2)
    kiba (0.6.1)
    launchy (2.4.3)
      addressable (~> 2.3)
    letter_opener (1.4.1)
      launchy (~> 2.2)
    listen (3.0.3)
      rb-fsevent (>= 0.9.3)
      rb-inotify (>= 0.9)
    lol_dba (2.0.0)
      actionpack (>= 3.0, < 5.0)
      activerecord (>= 3.0, < 5.0)
      railties (>= 3.0, < 5.0)
    loofah (2.0.2)
      nokogiri (>= 1.5.9)
    lumberjack (1.0.9)
    mail (2.6.3)
      mime-types (>= 1.16, < 3)
    main (6.1.0)
      arrayfields (>= 4.7.4)
      chronic (>= 0.6.2)
      fattr (>= 2.2.0)
      map (>= 5.1.0)
    map (6.5.5)
    mechanize (2.7.3)
      domain_name (~> 0.5, >= 0.5.1)
      http-cookie (~> 1.0)
      mime-types (~> 2.0)
      net-http-digest_auth (~> 1.1, >= 1.1.1)
      net-http-persistent (~> 2.5, >= 2.5.2)
      nokogiri (~> 1.4)
      ntlm-http (~> 0.1, >= 0.1.1)
      webrobots (>= 0.0.9, < 0.2)
    memoizable (0.4.2)
      thread_safe (~> 0.3, >= 0.3.1)
    meta_request (0.3.4)
      callsite (~> 0.0, >= 0.0.11)
      rack-contrib (~> 1.1)
      railties (>= 3.0.0, < 5.0.0)
    method_source (0.8.2)
    metric_fu (4.12.0)
      cane (~> 2.5, >= 2.5.2)
      churn (~> 0.0.35)
      code_metrics (~> 0.1)
      coderay
      flay (~> 2.1, >= 2.0.1)
      flog (~> 4.1, >= 4.1.1)
      launchy (~> 2.0)
      metric_fu-Saikuro (~> 1.1, >= 1.1.3)
      multi_json
      rails_best_practices (~> 1.14, >= 1.14.3)
      redcard
      reek (>= 1.3.4, < 3.0)
      roodi (~> 3.1)
    metric_fu-Saikuro (1.1.3)
    mime (0.4.2)
    mime-types (2.6.1)
    mini_portile (0.6.2)
    minitest (5.8.0)
    multi_json (1.11.2)
    multi_xml (0.5.5)
    multipart-post (2.0.0)
    namecase (2.0.0)
    nenv (0.2.0)
    net-http-digest_auth (1.4)
    net-http-persistent (2.9.4)
    net-scp (1.2.1)
      net-ssh (>= 2.6.5)
    net-sftp (2.1.2)
      net-ssh (>= 2.6.5)
    net-ssh (2.9.2)
    netrc (0.10.3)
    nilify_blanks (1.2.1)
      activerecord (>= 3.0.0)
      activesupport (>= 3.0.0)
    nokogiri (1.6.6.2)
      mini_portile (~> 0.6.0)
    notiffany (0.0.7)
      nenv (~> 0.1)
      shellany (~> 0.0)
    ntlm-http (0.1.1)
    oauth2 (1.0.0)
      faraday (>= 0.8, < 0.10)
      jwt (~> 1.0)
      multi_json (~> 1.3)
      multi_xml (~> 0.5)
      rack (~> 1.2)
    options (2.3.2)
    paper_trail (4.0.0)
      activerecord (>= 3.0, < 6.0)
      activesupport (>= 3.0, < 6.0)
      request_store (~> 1.1)
    parallel (1.6.1)
    parallel_tests (1.6.1)
      parallel
    parser (2.2.2.6)
      ast (>= 1.1, < 3.0)
    persistent_http (1.0.6)
      gene_pool (>= 1.3)
    persistent_httparty (0.1.2)
      httparty (~> 0.9)
      persistent_http (< 2)
    pg (0.18.2)
    polyamorous (1.2.0)
      activerecord (>= 3.0)
    postmark (1.6.0)
      json
      rake
    postmark-rails (0.11.0)
      actionmailer (>= 3.0.0)
      postmark (~> 1.6.0)
    power_assert (0.2.4)
    pr_geohash (1.0.0)
    procto (0.0.2)
    progress_bar (1.0.3)
      highline (~> 1.6.1)
      options (~> 2.3.0)
    pry (0.10.1)
      coderay (~> 1.1.0)
      method_source (~> 0.8.1)
      slop (~> 3.4)
    quantified (1.0.1)
    rack (1.6.4)
    rack-cache (1.2)
      rack (>= 0.4)
    rack-contrib (1.4.0)
      git-version-bump (~> 0.15)
      rack (~> 1.4)
    rack-mini-profiler (0.9.7)
      rack (>= 1.1.3)
    rack-protection (1.5.3)
      rack
    rack-test (0.6.3)
      rack (>= 1.0)
    rack_session_access (0.1.1)
      builder (>= 2.0.0)
      rack (>= 1.0.0)
    rails (4.2.3)
      actionmailer (= 4.2.3)
      actionpack (= 4.2.3)
      actionview (= 4.2.3)
      activejob (= 4.2.3)
      activemodel (= 4.2.3)
      activerecord (= 4.2.3)
      activesupport (= 4.2.3)
      bundler (>= 1.3.0, < 2.0)
      railties (= 4.2.3)
      sprockets-rails
    rails-deprecated_sanitizer (1.0.3)
      activesupport (>= 4.2.0.alpha)
    rails-dom-testing (1.0.6)
      activesupport (>= 4.2.0.beta, < 5.0)
      nokogiri (~> 1.6.0)
      rails-deprecated_sanitizer (>= 1.0.1)
    rails-html-sanitizer (1.0.2)
      loofah (~> 2.0)
    rails_best_practices (1.15.7)
      activesupport
      code_analyzer (>= 0.4.3)
      colored
      erubis
      i18n
      json
      require_all
      ruby-progressbar
    railties (4.2.3)
      actionpack (= 4.2.3)
      activesupport (= 4.2.3)
      rake (>= 0.8.7)
      thor (>= 0.18.1, < 2.0)
    rainbow (2.0.0)
    rake (10.4.2)
    ransack (1.6.6)
      actionpack (>= 3.0)
      activerecord (>= 3.0)
      activesupport (>= 3.0)
      i18n
      polyamorous (~> 1.2)
    ransack_chronic (1.1.0)
      chronic (>= 0.6.7)
    rb-fsevent (0.9.5)
    rb-inotify (0.9.5)
      ffi (>= 0.5.0)
    rdoc (4.2.0)
    redcard (1.1.0)
    redcarpet (3.3.2)
    redis (3.2.1)
    redis-namespace (1.5.2)
      redis (~> 3.0, >= 3.0.4)
    redis-objects (1.2.0)
      redis (>= 3.0.2)
    reek (2.2.1)
      parser (~> 2.2)
      rainbow (~> 2.0)
      unparser (~> 0.2.2)
    referer-parser (0.3.0)
    render_csv (2.0.0)
      rails (>= 3.0)
    request_store (1.2.0)
    require_all (1.3.2)
    responders (2.1.0)
      railties (>= 4.2.0, < 5)
    rest-client (1.8.0)
      http-cookie (>= 1.0.2, < 2.0)
      mime-types (>= 1.16, < 3.0)
      netrc (~> 0.7)
    retryable (2.0.1)
    ringcentral_sdk (0.2.0)
      faraday (~> 0.9, >= 0.9)
      faraday_middleware (~> 0, >= 0)
      faraday_middleware-oauth2_refresh
      mime
      mime-types (>= 1.25)
      multi_json
      oauth2
      test-unit
    rinku (1.5.1)
    roodi (3.3.1)
      ruby_parser (~> 3.2, >= 3.2.2)
    rsolr (1.0.12)
      builder (>= 2.1.2)
    rspec (3.3.0)
      rspec-core (~> 3.3.0)
      rspec-expectations (~> 3.3.0)
      rspec-mocks (~> 3.3.0)
    rspec-core (3.3.2)
      rspec-support (~> 3.3.0)
    rspec-expectations (3.3.1)
      diff-lcs (>= 1.2.0, < 2.0)
      rspec-support (~> 3.3.0)
    rspec-mocks (3.3.2)
      diff-lcs (>= 1.2.0, < 2.0)
      rspec-support (~> 3.3.0)
    rspec-rails (3.3.3)
      actionpack (>= 3.0, < 4.3)
      activesupport (>= 3.0, < 4.3)
      railties (>= 3.0, < 4.3)
      rspec-core (~> 3.3.0)
      rspec-expectations (~> 3.3.0)
      rspec-mocks (~> 3.3.0)
      rspec-support (~> 3.3.0)
    rspec-support (3.3.0)
    ruby-ole (1.2.11.8)
    ruby-progressbar (1.7.5)
    ruby_parser (3.7.1)
      sexp_processor (~> 4.1)
    rubyzip (1.1.7)
    safe_yaml (1.0.4)
    sass (3.4.16)
    sass-rails (5.0.3)
      railties (>= 4.0.0, < 5.0)
      sass (~> 3.1)
      sprockets (>= 2.8, < 4.0)
      sprockets-rails (>= 2.0, < 4.0)
      tilt (~> 1.1)
    sdoc (0.4.1)
      json (~> 1.7, >= 1.7.7)
      rdoc (~> 4.0)
    seed_dump (3.2.2)
      activerecord (~> 4)
      activesupport (~> 4)
    sexp_processor (4.6.0)
    shellany (0.0.1)
    shoulda-matchers (2.7.0)
      activesupport (>= 3.0.0)
    sidekiq (3.4.2)
      celluloid (~> 0.16.0)
      connection_pool (~> 2.2, >= 2.2.0)
      json (~> 1.0)
      redis (~> 3.2, >= 3.2.1)
      redis-namespace (~> 1.5, >= 1.5.2)
    simplecov (0.10.0)
      docile (~> 1.1.0)
      json (~> 1.8)
      simplecov-html (~> 0.10.0)
    simplecov-html (0.10.0)
    sinatra (1.4.6)
      rack (~> 1.4)
      rack-protection (~> 1.4)
      tilt (>= 1.3, < 3)
    slack-notifier (1.2.1)
    slop (3.6.0)
    spreadsheet (1.0.4)
      ruby-ole (>= 1.0)
    spring (1.3.6)
    spring-commands-rspec (1.0.4)
      spring (>= 0.9.1)
    sprockets (3.2.0)
      rack (~> 1.0)
    sprockets-rails (2.3.2)
      actionpack (>= 3.0)
      activesupport (>= 3.0)
      sprockets (>= 2.8, < 4.0)
    sshkit (1.7.1)
      colorize (>= 0.7.0)
      net-scp (>= 1.1.2)
      net-ssh (>= 2.8.0)
    strip_attributes (1.7.1)
      activemodel (>= 3.0, < 5.0)
    sunspot (2.2.0)
      pr_geohash (~> 1.0)
      rsolr (~> 1.0.7)
    sunspot_rails (2.2.0)
      nokogiri
      rails (>= 3)
      sunspot (= 2.2.0)
    sunspot_solr (2.2.0)
    swiper-rails (1.0.2)
      rails (>= 3.1)
    test-unit (3.1.3)
      power_assert
    thin (1.6.3)
      daemons (~> 1.0, >= 1.0.9)
      eventmachine (~> 1.0)
      rack (~> 1.0)
    thor (0.19.1)
    thread_safe (0.3.5)
    tilt (1.4.1)
    timecop (0.8.0)
    timers (4.0.1)
      hitimes
    traceroute (0.5.0)
      rails (>= 3.0.0)
    twilio-ruby (4.3.0)
      builder (>= 2.1.2)
      jwt (~> 1.0)
      multi_json (>= 1.3.0)
    tzinfo (1.2.2)
      thread_safe (~> 0.1)
    uglifier (2.7.1)
      execjs (>= 0.3.0)
      json (>= 1.8.0)
    unf (0.1.4)
      unf_ext
    unf_ext (0.0.7.1)
    unicode_utils (1.4.0)
    uniform_notifier (1.9.0)
    unparser (0.2.4)
      abstract_type (~> 0.0.7)
      adamantium (~> 0.2.0)
      concord (~> 0.1.5)
      diff-lcs (~> 1.2.5)
      equalizer (~> 0.0.9)
      parser (~> 2.2.2)
      procto (~> 0.0.2)
    user_agent_parser (2.2.0)
    uuidtools (2.1.5)
    vcr (2.9.3)
    web-console (2.2.1)
      activemodel (>= 4.0)
      binding_of_caller (>= 0.7.2)
      railties (>= 4.0)
      sprockets-rails (>= 2.0, < 4.0)
    webmock (1.21.0)
      addressable (>= 2.3.6)
      crack (>= 0.3.2)
    webrobots (0.1.1)
    websocket-driver (0.6.2)
      websocket-extensions (>= 0.1.0)
    websocket-extensions (0.1.2)
    websocket-rails (0.7.0)
      em-synchrony
      faye-websocket
      hiredis
      rack
      rails
      redis
      redis-objects
      thin
    whenever (0.9.4)
      chronic (>= 0.6.3)
    xpath (2.0.0)
      nokogiri (~> 1.3)

PLATFORMS
  ruby

DEPENDENCIES
  active_shipping (= 1.4.2)
  activerecord-session_store (= 0.1.1)
  activerecord-sqlserver-adapter (~> 4.2.3)
  acts_as_taggable_on (= 3.0.0.rc2)
  ahoy_matey (= 1.2.1)
  airbrussh (= 0.7.0)
  ancestry!
  andand (= 1.3.3)
  annotate (= 2.6.10)
  attribute_normalizer (= 1.2.0)
  auto_html (= 1.6.4)
  awesome_print (= 1.6.1)
  bcrypt (= 3.1.10)
  better_errors (= 2.1.1)
  binding_of_caller (= 0.7.2)
  bitly!
  browser-timezone-rails!
  bullet (= 4.14.7)
  capistrano (= 3.4.0)
  capistrano-bundler (= 1.1.4)
  capistrano-faster-assets (= 1.0.2)
  capistrano-rails (= 1.1.3)
  capistrano-rails-console (= 1.0.0)
  capistrano-rvm (= 0.1.2)
  capybara (= 2.4.4)
  capybara-webkit (= 1.6.0)
  chartkick (= 1.3.2)
  chronic (= 0.10.2)
  codeclimate-test-reporter (= 0.4.7)
  coderay (= 1.1.0)
  coffee-script (= 2.4.1)
  coolline (= 0.5.0)
  dalli (= 2.7.4)
  database_rewinder (= 0.5.3)
  docusign_rest!
  dragonfly (= 1.0.10)
  emoji (= 1.0.5)
  exception_notification (= 4.1.1)
  facter (= 2.4.4)
  factory_girl_rails (= 4.5.0)
  faker (= 1.4.3)
  fastimage!
  faye (= 1.1.2)
  foundation-icons-sass-rails (= 3.0.0)
  geocoder (= 1.2.9)
  gmaps4rails (= 2.1.2)
  goldiloader (= 0.0.9)
  google_timezone!
  googlecharts (= 1.6.10)
  gpgme (= 2.0.9)
  griddler (= 1.2.1)
  griddler-postmark (= 1.0.0)
  groupdate (= 2.4.0)
  guard-rspec (= 4.6.4)
  haml-rails (= 0.9.0)
  hirb (= 0.7.3)
  httparty (= 0.13.5)
  jbuilder (= 2.3.1)
  jquery-rails (= 4.0.4)
  jquery-ui-rails (= 5.0.5)
  kaminari!
  kartograph (= 0.2.2)
  kiba (= 0.6.1)
  launchy (= 2.4.3)
  letter_opener (= 1.4.1)
  log4r!
  lol_dba (= 2.0.0)
  mechanize (= 2.7.3)
  meta_request (= 0.3.4)
  metric_fu (= 4.12.0)
  namecase (= 2.0.0)
  net-sftp (= 2.1.2)
  newrelic_rpm!
  nilify_blanks (= 1.2.1)
  paper_trail (= 4.0.0)
  parallel_tests (= 1.6.1)
  persistent_httparty (= 0.1.2)
  pg (= 0.18.2)
  postmark (= 1.6.0)
  postmark-rails (= 0.11.0)
  progress_bar (= 1.0.3)
  pry (= 0.10.1)
  pundit!
  rack-cache (= 1.2)
  rack-mini-profiler (= 0.9.7)
  rack_session_access (= 0.1.1)
  rails (= 4.2.3)
  rails_best_practices (= 1.15.7)
  railties (= 4.2.3)
  ransack (= 1.6.6)
  ransack_chronic (= 1.1.0)
  regressor!
  render_csv (= 2.0.0)
  responders (= 2.1.0)
  retryable (= 2.0.1)
  ringcentral_sdk (= 0.2.0)
  roo!
  roo-xls!
  rspec-rails (= 3.3.3)
  rubycas-client!
  sass-rails (= 5.0.3)
  sdoc (= 0.4.1)
  seed_dump (= 3.2.2)
  shoulda-matchers (= 2.7.0)
  sidekiq (= 3.4.2)
  simplecov
  sinatra (= 1.4.6)
  slack-notifier (= 1.2.1)
  spreadsheet (= 1.0.4)
  spring (= 1.3.6)
  spring-commands-rspec (= 1.0.4)
  strip_attributes (= 1.7.1)
  sunspot_rails (= 2.2.0)
  sunspot_solr (= 2.2.0)
  swiper-rails (= 1.0.2)
  timecop (= 0.8.0)
  tiny_tds!
  traceroute (= 0.5.0)
  twilio-ruby (= 4.3.0)
  uglifier (= 2.7.1)
  vcr (= 2.9.3)
  web-console (~> 2.0)
  webmock (= 1.21.0)
  websocket-rails (= 0.7.0)
  whenever (= 0.9.4)
